PATH
  remote: .
  specs:
    trailblazer-option (0.1.0)

GEM
  remote: https://rubygems.org/
  specs:
    minitest (5.14.4)
    minitest-line (0.6.5)
      minitest (~> 5.0)
    rake (13.0.3)

PLATFORMS
  ruby

DEPENDENCIES
  minitest
  minitest-line
  rake
  trailblazer-option!

BUNDLED WITH
   2.2.15
